GEM
  remote: http://rubygems.org/
  specs:
    bson (1.3.1)
    diff-lcs (1.1.3)
    git (1.2.5)
    jeweler (1.6.2)
      bundler (~> 1.0)
      git (>= 1.2.5)
      rake
    json (1.5.3)
    mongo (1.3.1)
      bson (>= 1.3.1)
    rake (0.9.2)
    rcov (0.9.9)
    rdoc (3.11)
      json (~> 1.4)
    rspec (2.7.0)
      rspec-core (~> 2.7.0)
      rspec-expectations (~> 2.7.0)
      rspec-mocks (~> 2.7.0)
    rspec-core (2.7.1)
    rspec-expectations (2.7.0)
      diff-lcs (~> 1.1.2)
    rspec-mocks (2.7.0)
    shoulda (2.11.3)
    timecop (0.3.5)

PLATFORMS
  ruby

DEPENDENCIES
  bundler (~> 1.0.0)
  jeweler (~> 1.6.2)
  json
  mongo
  rcov
  rdoc
  rspec (>= 2)
  shoulda
  timecop
